GEM
  specs:
    rake (10.0.4)

PLATFORMS
  ruby

DEPENDENCIES
  rake
